GIT
  remote: https://github.com/zooniverse/Cellect.git
  revision: ed1f1fd0788205aca8ffaddc360b60d89ad80482
  ref: ed1f1fd0788205aca8ffaddc360b60d89ad80482
  branch: relax-grape-constraint
  specs:
    cellect-server (3.0.2)
      attention (~> 0.0.4)
      celluloid (= 0.16.0)
      diff_set (~> 0.0.4)
      grape (~> 1.5)
      http (~> 0.6)

GEM
  remote: https://rubygems.org/
  specs:
    activemodel (4.2.11.3)
      activesupport (= 4.2.11.3)
      builder (~> 3.1)
    activerecord (4.2.11.3)
      activemodel (= 4.2.11.3)
      activesupport (= 4.2.11.3)
      arel (~> 6.0)
    activesupport (4.2.11.3)
      i18n (~> 0.7)
      minitest (~> 5.1)
      thread_safe (~> 0.3, >= 0.3.4)
      tzinfo (~> 1.1)
    addressable (2.8.0)
      public_suffix (>= 2.0.2, < 5.0)
    arel (6.0.4)
    attention (0.0.6)
      concurrent-ruby (~> 1.0.2)
      concurrent-ruby-ext (~> 1.0.2)
      connection_pool (~> 2)
      redis (~> 3)
      redis-namespace (~> 1.5)
    builder (3.2.4)
    celluloid (0.16.0)
      timers (~> 4.0.0)
    coderay (1.1.2)
    concurrent-ruby (1.0.5)
    concurrent-ruby-ext (1.0.5)
      concurrent-ruby (= 1.0.5)
    connection_pool (2.2.2)
    diff-lcs (1.2.5)
    diff_set (0.0.4)
      rice (~> 2.1.0)
    domain_name (0.5.20190701)
      unf (>= 0.0.5, < 1.0.0)
    dry-configurable (0.11.6)
      concurrent-ruby (~> 1.0)
      dry-core (~> 0.4, >= 0.4.7)
      dry-equalizer (~> 0.2)
    dry-container (0.7.2)
      concurrent-ruby (~> 1.0)
      dry-configurable (~> 0.1, >= 0.1.3)
    dry-core (0.4.9)
      concurrent-ruby (~> 1.0)
    dry-equalizer (0.3.0)
    dry-inflector (0.2.0)
    dry-logic (1.0.8)
      concurrent-ruby (~> 1.0)
      dry-core (~> 0.2)
      dry-equalizer (~> 0.2)
    dry-types (1.4.0)
      concurrent-ruby (~> 1.0)
      dry-container (~> 0.3)
      dry-core (~> 0.4, >= 0.4.4)
      dry-equalizer (~> 0.3)
      dry-inflector (~> 0.1, >= 0.1.2)
      dry-logic (~> 1.0, >= 1.0.2)
    grape (1.5.3)
      activesupport
      builder
      dry-types (>= 1.1)
      mustermann-grape (~> 1.0.0)
      rack (>= 1.3.0)
      rack-accept
    hashie (4.1.0)
    hashie-forbidden_attributes (0.1.1)
      hashie (>= 3.0)
    hitimes (2.0.0)
    http (0.9.9)
      addressable (~> 2.3)
      http-cookie (~> 1.0)
      http-form_data (~> 1.0.1)
      http_parser.rb (~> 0.6.0)
    http-cookie (1.0.4)
      domain_name (~> 0.5)
    http-form_data (1.0.3)
    http_parser.rb (0.6.0)
    i18n (0.9.5)
      concurrent-ruby (~> 1.0)
    method_source (0.9.0)
    minitest (5.14.4)
    mustermann (1.1.1)
      ruby2_keywords (~> 0.0.1)
    mustermann-grape (1.0.1)
      mustermann (>= 1.0.0)
    newrelic_rpm (5.2.0.345)
    nio4r (2.5.8)
    oj (2.18.5)
    otr-activerecord (1.2.0)
      activerecord (>= 4.0, < 5.1)
      hashie-forbidden_attributes (~> 0.1)
    pg (0.18.4)
    pg_array_parser (0.0.9)
    postgres_ext (2.4.1)
      activerecord (>= 4.0.0)
      arel (>= 4.0.1)
      pg_array_parser (~> 0.0.9)
    pry (0.11.3)
      coderay (~> 1.1.0)
      method_source (~> 0.9.0)
    public_suffix (4.0.6)
    puma (4.3.9)
      nio4r (~> 2.0)
    rack (2.2.3)
    rack-accept (0.4.5)
      rack (>= 0.4)
    redis (3.3.5)
    redis-namespace (1.8.1)
      redis (>= 3.0.4)
    rice (2.1.3)
    rspec (3.5.0)
      rspec-core (~> 3.5.0)
      rspec-expectations (~> 3.5.0)
      rspec-mocks (~> 3.5.0)
    rspec-core (3.5.4)
      rspec-support (~> 3.5.0)
    rspec-expectations (3.5.0)
      diff-lcs (>= 1.2.0, < 2.0)
      rspec-support (~> 3.5.0)
    rspec-mocks (3.5.0)
      diff-lcs (>= 1.2.0, < 2.0)
      rspec-support (~> 3.5.0)
    rspec-support (3.5.0)
    ruby2_keywords (0.0.5)
    thread_safe (0.3.6)
    timers (4.0.4)
      hitimes
    tzinfo (1.2.9)
      thread_safe (~> 0.1)
    unf (0.1.4)
      unf_ext
    unf_ext (0.0.8)

PLATFORMS
  ruby

DEPENDENCIES
  activerecord (~> 4.2.5)
  cellect-server!
  connection_pool (~> 2.2.2)
  grape (~> 1)
  newrelic_rpm (~> 5.2)
  oj (~> 2.18)
  otr-activerecord (~> 1.2)
  pg (~> 0.18.4)
  postgres_ext (~> 2.4.1)
  pry
  puma (~> 4.3)
  rack (~> 2.1)
  rspec

BUNDLED WITH
   1.17.3
